GEM
  remote: https://rubygems.org/
  specs:
    hanami-router (2.0.2)
      mustermann (~> 3.0)
      mustermann-contrib (~> 3.0)
      rack (~> 2.0)
    hansi (0.2.1)
    mustermann (3.0.0)
      ruby2_keywords (~> 0.0.1)
    mustermann-contrib (3.0.0)
      hansi (~> 0.2.0)
      mustermann (= 3.0.0)
    rack (2.2.6.3)
    rack-session (1.0.1)
      rack (< 3)
    ruby2_keywords (0.0.5)
    warden (1.2.9)
      rack (>= 2.0.9)
    webrick (1.8.1)

PLATFORMS
  x86_64-linux

DEPENDENCIES
  hanami-router (~> 2.0)
  rack-session (~> 1.0)
  warden (~> 1.2)
  webrick (~> 1.8)

BUNDLED WITH
   2.4.6
